GEM
  specs:
    sass (3.4.5)

PLATFORMS
  ruby

DEPENDENCIES
  sass (~> 3.4.0)
